PATH
  remote: .
  specs:
    lessify (0.0.1)
      css_parser

GEM
  remote: http://rubygems.org/
  specs:
    css_parser (1.1.4)
    diff-lcs (1.1.2)
    rspec (2.3.0)
      rspec-core (~> 2.3.0)
      rspec-expectations (~> 2.3.0)
      rspec-mocks (~> 2.3.0)
    rspec-core (2.3.1)
    rspec-expectations (2.3.0)
      diff-lcs (~> 1.1.2)
    rspec-mocks (2.3.0)

PLATFORMS
  ruby

DEPENDENCIES
  css_parser
  lessify!
  rspec
